PATH
  remote: .
  specs:
    p2ruby (0.1.5)
      bundler (>= 1.0.0)
      win_gui (>= 0.2.21)

GEM
  remote: http://rubygems.org/
  specs:
    diff-lcs (1.1.3)
    ffi (1.0.9-x86-mingw32)
    rspec (2.7.0)
      rspec-core (~> 2.7.0)
      rspec-expectations (~> 2.7.0)
      rspec-mocks (~> 2.7.0)
    rspec-core (2.7.1)
    rspec-expectations (2.7.0)
      diff-lcs (~> 1.1.2)
    rspec-mocks (2.7.0)
    win (0.3.27)
      bundler (>= 1.0.13)
      ffi (= 1.0.9)
    win_gui (0.2.21)
      bundler (>= 1.0.13)
      win (>= 0.3.27)

PLATFORMS
  x86-mingw32

DEPENDENCIES
  p2ruby!
  rspec (>= 2.7.0)
