PATH
  remote: .
  specs:
    p2ruby (0.1.3)
      bundler (>= 1.0.0)
      win_gui (>= 0.2.21)

GEM
  remote: http://rubygems.org/
  specs:
    builder (3.0.0)
    cucumber (1.1.2)
      builder (>= 2.1.2)
      diff-lcs (>= 1.1.2)
      gherkin (~> 2.6.2)
      json (>= 1.4.6)
      term-ansicolor (>= 1.0.6)
    diff-lcs (1.1.3)
    ffi (1.0.9-x86-mingw32)
    gherkin (2.6.3-x86-mingw32)
      json (>= 1.4.6)
    json (1.6.1)
    rspec (2.7.0)
      rspec-core (~> 2.7.0)
      rspec-expectations (~> 2.7.0)
      rspec-mocks (~> 2.7.0)
    rspec-core (2.7.1)
    rspec-expectations (2.7.0)
      diff-lcs (~> 1.1.2)
    rspec-mocks (2.7.0)
    term-ansicolor (1.0.7)
    win (0.3.27)
      bundler (>= 1.0.13)
      ffi (= 1.0.9)
    win_gui (0.2.21)
      bundler (>= 1.0.13)
      win (>= 0.3.27)

PLATFORMS
  x86-mingw32

DEPENDENCIES
  cucumber
  p2ruby!
  rspec (>= 2.5.0)
